PATH
  remote: .
  specs:
    no_daddy (0.0.1)
      mail
      mongoid
      watir-webdriver

GEM
  remote: https://rubygems.org/
  specs:
    activemodel (3.2.8)
      activesupport (= 3.2.8)
      builder (~> 3.0.0)
    activesupport (3.2.8)
      i18n (~> 0.6)
      multi_json (~> 1.0)
    addressable (2.3.2)
    awesome_print (1.0.2)
    builder (3.0.3)
    childprocess (0.3.5)
      ffi (~> 1.0, >= 1.0.6)
    ffi (1.1.5)
    i18n (0.6.1)
    libwebsocket (0.1.5)
      addressable
    mail (2.4.4)
      i18n (>= 0.4.0)
      mime-types (~> 1.16)
      treetop (~> 1.4.8)
    mime-types (1.19)
    mongoid (3.0.6)
      activemodel (~> 3.1)
      moped (~> 1.1)
      origin (~> 1.0)
      tzinfo (~> 0.3.22)
    moped (1.2.5)
    multi_json (1.3.6)
    origin (1.0.9)
    polyglot (0.3.3)
    rubyzip (0.9.9)
    selenium-webdriver (2.25.0)
      childprocess (>= 0.2.5)
      libwebsocket (~> 0.1.3)
      multi_json (~> 1.0)
      rubyzip
    treetop (1.4.10)
      polyglot
      polyglot (>= 0.3.1)
    tzinfo (0.3.33)
    watir-webdriver (0.6.1)
      selenium-webdriver (>= 2.18.0)

PLATFORMS
  ruby

DEPENDENCIES
  awesome_print
  no_daddy!
